GEM
  remote: https://rubygems.org/
  specs:
    coderay (1.1.0)
    faraday (0.9.1)
      multipart-post (>= 1.2, < 3)
    method_source (0.8.2)
    minitest (5.7.0)
    multipart-post (2.0.0)
    pry (0.10.1)
      coderay (~> 1.1.0)
      method_source (~> 0.8.1)
      slop (~> 3.4)
    rake (12.3.3)
    slop (3.6.0)

PLATFORMS
  ruby

DEPENDENCIES
  faraday
  minitest
  pry
  rake

BUNDLED WITH
   1.10.6
